GEM
  remote: https://rubygems.org/
  specs:
    backports (3.16.1)
    erubis (2.7.0)
    minitest (5.14.0)
    multi_json (1.14.1)
    nio4r (2.5.2)
    puma (4.3.5)
      nio4r (~> 2.0)
    rack (1.6.13)
    rack-protection (1.5.5)
      rack
    rack-test (1.1.0)
      rack (>= 1.0, < 3)
    sinatra (1.4.8)
      rack (~> 1.5)
      rack-protection (~> 1.4)
      tilt (>= 1.3, < 3)
    sinatra-contrib (1.4.7)
      backports (>= 2.0)
      multi_json
      rack-protection
      rack-test
      sinatra (~> 1.4.0)
      tilt (>= 1.3, < 3)
    tilt (2.0.10)

PLATFORMS
  ruby

DEPENDENCIES
  erubis
  minitest
  puma
  rack (>= 1.6.12)
  rack-protection (>= 1.5.5)
  rack-test
  sinatra (~> 1.4.7)
  sinatra-contrib

RUBY VERSION
   ruby 2.4.4p296

BUNDLED WITH
   2.1.4
